PATH
  remote: .
  specs:
    trulioo (0.2.6)
      httparty (~> 0.15)

GEM
  remote: https://rubygems.org/
  specs:
    httparty (0.19.0)
      mime-types (~> 3.0)
      multi_xml (>= 0.5.2)
    mime-types (3.3.1)
      mime-types-data (~> 3.2015)
    mime-types-data (3.2021.0901)
    multi_xml (0.6.0)

PLATFORMS
  ruby

DEPENDENCIES
  trulioo!

BUNDLED WITH
   1.17.3
